GEM
  remote: http://rubygems.org/
  specs:
    aws-s3 (0.6.2)
      builder
      mime-types
      xml-simple
    builder (3.0.0)
    columnize (0.3.2)
    haml (3.1.1)
    linecache (0.43)
    mime-types (1.16)
    rack (1.3.0)
    rake (0.9.0)
    ruby-debug (0.10.4)
      columnize (>= 0.1)
      ruby-debug-base (~> 0.10.4.0)
    ruby-debug-base (0.10.4)
      linecache (>= 0.3)
    ruby-debug-ide (0.4.17.beta3)
      rake (>= 0.8.1)
    sinatra (1.2.6)
      rack (~> 1.1)
      tilt (>= 1.2.2, < 2.0)
    tilt (1.3.1)
    xml-simple (1.0.16)

PLATFORMS
  ruby

DEPENDENCIES
  aws-s3
  haml
  ruby-debug
  ruby-debug-ide
  sinatra
